GIT
  remote: https://github.com/skroutz/rafka-rb
  revision: 548dee4e5dd908c5ef60f8caa91c21dff10b2ac6
  specs:
    rafka (0.0.1)
      redis (~> 3.3)

GEM
  remote: https://rubygems.org/
  specs:
    byebug (9.0.6)
    coderay (1.1.1)
    method_source (0.8.2)
    minitest (5.10.2)
    pry (0.10.4)
      coderay (~> 1.1.0)
      method_source (~> 0.8.1)
      slop (~> 3.4)
    pry-byebug (3.4.2)
      byebug (~> 9.0)
      pry (~> 0.10)
    redis (3.3.3)
    slop (3.6.0)

PLATFORMS
  ruby

DEPENDENCIES
  minitest
  pry-byebug
  rafka!

BUNDLED WITH
   1.13.6
