GIT
  remote: https://github.com/skroutz/rafka-rb
  revision: c5ae31f2be417bbef694aa1f7e10e01656e53c62
  specs:
    rafka (0.2.3)
      redis (~> 3.0)

GEM
  remote: https://rubygems.org/
  specs:
    minitest (5.11.3)
    redis (3.0.3)

PLATFORMS
  ruby

DEPENDENCIES
  minitest
  rafka!
  redis (= 3.0.3)

BUNDLED WITH
   1.13.6
