GIT
  remote: https://github.com/skroutz/rafka-rb
  revision: ce1c2bb0d5f47bb6f4bbaabf4f3ba13f0be968f2
  specs:
    rafka (0.0.10)
      redis (~> 3.0)

GEM
  remote: https://rubygems.org/
  specs:
    minitest (5.11.3)
    redis (3.0.3)

PLATFORMS
  ruby

DEPENDENCIES
  minitest
  rafka!
  redis (= 3.0.3)

BUNDLED WITH
   1.13.6
