GIT
  remote: https://github.com/skroutz/rafka-rb
  revision: 690772123611a7d6dce12a3d1d0d805fde10e305
  specs:
    rafka (0.2.2)
      redis (~> 3.0)

GEM
  remote: https://rubygems.org/
  specs:
    minitest (5.11.3)
    redis (3.0.3)

PLATFORMS
  ruby

DEPENDENCIES
  minitest
  rafka!
  redis (= 3.0.3)

BUNDLED WITH
   1.13.6
