GIT
  remote: https://github.com/skroutz/rafka-rb
  revision: b71d6ba8a32b14b66cf15f0d6aeb9890dd85818d
  specs:
    rafka (0.0.5)
      redis (~> 3.0)

GEM
  remote: https://rubygems.org/
  specs:
    minitest (5.10.2)
    redis (3.3.3)

PLATFORMS
  ruby

DEPENDENCIES
  minitest
  rafka!

BUNDLED WITH
   1.13.6
