GIT
  remote: https://github.com/skroutz/rafka-rb
  revision: 9a190e41e07b5632d7f6b861419b21690a6195a8
  specs:
    rafka (0.0.8)
      redis (~> 3.0)

GEM
  remote: https://rubygems.org/
  specs:
    minitest (5.10.3)
    redis (3.0.3)

PLATFORMS
  ruby

DEPENDENCIES
  minitest
  rafka!
  redis (= 3.0.3)

BUNDLED WITH
   1.13.6
