GIT
  remote: https://github.com/skroutz/rafka-rb
  revision: 03893c3312d940090b1b7a8de7e17a5f08668e1f
  specs:
    rafka (0.0.9)
      redis (~> 3.0)

GEM
  remote: https://rubygems.org/
  specs:
    minitest (5.11.1)
    redis (3.0.3)

PLATFORMS
  ruby

DEPENDENCIES
  minitest
  rafka!
  redis (= 3.0.3)

BUNDLED WITH
   1.13.6
