GIT
  remote: https://github.com/skroutz/rafka-rb
  revision: 00d076aff970914edbf4c6e438162f4d0b106c0c
  specs:
    rafka (0.0.1)
      redis (~> 3.3)

GEM
  remote: https://rubygems.org/
  specs:
    minitest (5.10.2)
    redis (3.3.3)

PLATFORMS
  ruby

DEPENDENCIES
  minitest
  rafka!

BUNDLED WITH
   1.13.6
