GEM
  remote: https://rubygems.org/
  specs:
    minitest (5.11.3)
    rafka (0.3.0)
      redis (~> 3)
    redis (3.0.3)

PLATFORMS
  ruby

DEPENDENCIES
  minitest
  rafka (= 0.3.0)
  redis (= 3.0.3)

BUNDLED WITH
   1.13.6
