GIT
  remote: https://github.com/skroutz/rafka-rb
  revision: c3842497921243f47d45aa91cbb5c4df96d9bef0
  specs:
    rafka (0.0.10)
      redis (~> 3.0)

GEM
  remote: https://rubygems.org/
  specs:
    minitest (5.11.3)
    redis (3.0.3)

PLATFORMS
  ruby

DEPENDENCIES
  minitest
  rafka!
  redis (= 3.0.3)

BUNDLED WITH
   1.13.6
